GEM
  remote: https://rubygems.org/
  specs:
    racc (1.4.14)
    rake (12.3.3)
    rexical (1.0.7)

PLATFORMS
  ruby

DEPENDENCIES
  racc
  rake
  rexical

BUNDLED WITH
   1.16.1
